{
  "AcquisitionMatrixPE": 62,
  "AcquisitionNumber": 1,
  "AcquisitionTime": "17:08:22.927500",
  "BaseResolution": 86,
  "BodyPartExamined": "BRAIN",
  "CoilCombinationMethod": "Sum of Squares",
  "ConsistencyInfo": "N4_VE11E_LATEST_20181129",
  "ConversionSoftware": "dcm2niix",
  "ConversionSoftwareVersion": "v1.0.20220720",
  "DeviceSerialNumber": "166048",
  "DwellTime": 1.66e-05,
  "EchoNumber": 2,
  "EchoTime": 0.00738,
  "EchoTime1": 0.00492,
  "EchoTime2": 0.00738,
  "FlipAngle": 60,
  "HeudiconvVersion": "1.1.0",
  "ImageOrientationPatientDICOM": [1, 0, 0, 0, 0.999328, -0.0366437],
  "ImageOrientationText": "Tra>Cor(-2.1)",
  "ImageType": [
    "ORIGINAL",
    "PRIMARY",
    "P",
    "ND",
    "PHASE"
],
  "ImagingFrequency": 123.246,
  "InPlanePhaseEncodingDirectionDICOM": "COL",
  "InstitutionAddress": "North 13th 1701,Philadelphia,PA,US,19122",
  "InstitutionName": "Temple University - Weiss Hall",
  "InstitutionalDepartmentName": "Department",
  "MRAcquisitionType": "2D",
  "MagneticFieldStrength": 3,
  "Manufacturer": "Siemens",
  "ManufacturersModelName": "Prisma",
  "MatrixCoilMode": "SENSE",
  "Modality": "MR",
  "MultibandAccelerationFactor": 2,
  "NonlinearGradientCorrection": false,
  "PartialFourier": 1,
  "PatientPosition": "HFS",
  "PercentPhaseFOV": 100,
  "PercentSampling": 72,
  "PhaseEncodingDirection": "j-",
  "PhaseEncodingSteps": 62,
  "PhaseResolution": 0.72,
  "PixelBandwidth": 350,
  "ProcedureStepDescription": "Smith Lab^RF1pilot",
  "ProtocolName": "fmap_gre_field_mapping_2p8iso",
  "PulseSequenceDetails": "%SiemensSeq%\\gre_field_mapping",
  "ReceiveCoilActiveElements": "HC1-7;NC1,2",
  "ReceiveCoilName": "HeadNeck_64",
  "ReconMatrixPE": 86,
  "RepetitionTime": 0.645,
  "SAR": 0.120756,
  "ScanningSequence": "GR",
  "SequenceName": "*fm2d2r",
  "SequenceVariant": "SP\\OSP",
  "SeriesDescription": "fmap_gre_field_mapping_2p8iso",
  "SeriesNumber": 6,
  "ShimSetting": [1389, -7397, 6478, 197, 87, -137, -104, 21],
  "SliceThickness": 2.7,
  "SliceTiming": [0.3125, 0, 0.32812, 0.01562, 0.34375, 0.01562, 0.35938, 0.03125, 0.35938, 0.04688, 0.375, 0.0625, 0.39062, 0.0625, 0.40625, 0.07812, 0.40625, 0.09375, 0.42188, 0.10938, 0.4375, 0.10938, 0.45312, 0.125, 0.46875, 0.14062, 0.46875, 0.15625, 0.48438, 0.15625, 0.5, 0.17188, 0.51562, 0.1875, 0.51562, 0.20312, 0.53125, 0.20312, 0.54688, 0.21875, 0.5625, 0.23438, 0.57812, 0.25, 0.57812, 0.26562, 0.59375, 0.26562, 0.60938, 0.28125, 0.625, 0.29688, 0.625, 0.3125],
  "SoftwareVersions": "syngo MR E11",
  "SpacingBetweenSlices": 2.97,
  "StationName": "AWP166048",
  "TxRefAmp": 299.577}