{
  "AcquisitionMatrixPE": 62,
  "AcquisitionNumber": 1,
  "AcquisitionTime": "12:46:10.042500",
  "BandwidthPerPixelPhaseEncode": 22.333,
  "BaseResolution": 86,
  "BodyPartExamined": "BRAIN",
  "CoilCombinationMethod": "Sum of Squares",
  "ConsistencyInfo": "N4_VE11E_LATEST_20181129",
  "ConversionSoftware": "dcm2niix",
  "ConversionSoftwareVersion": "v1.0.20220720",
  "DerivedVendorReportedEchoSpacing": 0.00052066,
  "DeviceSerialNumber": "166048",
  "DwellTime": 2.3e-06,
  "EchoTime": 0.03,
  "EchoTrainLength": 62,
  "EffectiveEchoSpacing": 0.00052066,
  "FlipAngle": 20,
  "HeudiconvVersion": "1.1.0",
  "ImageComments": "Unaliased MB6/PE3/LB SENSE1",
  "ImageOrientationPatientDICOM": [1, 0, 0, 0, 1, 0],
  "ImageOrientationText": "Tra",
  "ImageType": [
    "ORIGINAL",
    "PRIMARY",
    "M",
    "MB",
    "ND",
    "NORM",
    "MOSAIC"
],
  "ImagingFrequency": 123.246,
  "InPlanePhaseEncodingDirectionDICOM": "COL",
  "InstitutionAddress": "North 13th 1701,Philadelphia,PA,US,19122",
  "InstitutionName": "Temple University - Weiss Hall",
  "InstitutionalDepartmentName": "Department",
  "MRAcquisitionType": "2D",
  "MagneticFieldStrength": 3,
  "Manufacturer": "Siemens",
  "ManufacturersModelName": "Prisma",
  "MatrixCoilMode": "SENSE",
  "Modality": "MR",
  "MultibandAccelerationFactor": 6,
  "NonlinearGradientCorrection": false,
  "PartialFourier": 1,
  "PatientPosition": "HFS",
  "PercentPhaseFOV": 100,
  "PercentSampling": 72,
  "PhaseEncodingDirection": "j-",
  "PhaseEncodingSteps": 62,
  "PhaseResolution": 0.72,
  "PixelBandwidth": 2530,
  "ProcedureStepDescription": "Smith Lab^RF1pilot",
  "ProtocolName": "CMRR_MB6_IP0_ME1_TR1700",
  "PulseSequenceDetails": "%CustomerSeq%\\cmrr_mbep2d_bold",
  "ReceiveCoilActiveElements": "HC1-7",
  "ReceiveCoilName": "HeadNeck_64",
  "ReconMatrixPE": 86,
  "RepetitionTime": 1.7,
  "SAR": 0.00797005,
  "ScanOptions": "FS",
  "ScanningSequence": "EP",
  "SequenceName": "epfid2d1_62",
  "SequenceVariant": "SK\\SS\\OSP",
  "SeriesDescription": "CMRR_MB6_IP0_ME1_TR1700",
  "SeriesNumber": 11,
  "ShimSetting": [1414, -7462, 6436, 254, 67, -200, -196, 41],
  "SliceThickness": 2.7,
  "SliceTiming": [1.495, 1.3075, 1.12, 0.935, 0.7475, 0.56, 0.375, 0.1875, 0, 1.495, 1.3075, 1.12, 0.935, 0.7475, 0.56, 0.375, 0.1875, 0, 1.495, 1.3075, 1.12, 0.935, 0.7475, 0.56, 0.375, 0.1875, 0, 1.495, 1.3075, 1.12, 0.935, 0.7475, 0.56, 0.375, 0.1875, 0, 1.495, 1.3075, 1.12, 0.935, 0.7475, 0.56, 0.375, 0.1875, 0, 1.495, 1.3075, 1.12, 0.935, 0.7475, 0.56, 0.375, 0.1875, 0],
  "SoftwareVersions": "syngo MR E11",
  "SpacingBetweenSlices": 2.97,
  "StationName": "AWP166048",
  "TaskName": "sharedreward",
  "TotalReadoutTime": 0.0442561,
  "TxRefAmp": 218.513,
  "WipMemBlock": "5f68d1b1-ee6a-4602-a6c7-5db0bf88509a||Sequence: R016 ve11e/master r/434b28f1; Aug  7 2019 18:53:46 by eja"
}