{
  "AcquisitionMatrixPE": 80,
  "AcquisitionNumber": 1,
  "AcquisitionTime": "10:43:56.627500",
  "BaseResolution": 80,
  "BodyPartExamined": "BRAIN",
  "CoilCombinationMethod": "Sum of Squares",
  "ConsistencyInfo": "N4_VE11E_LATEST_20181129",
  "ConversionSoftware": "dcm2niix",
  "ConversionSoftwareVersion": "v1.0.20220720",
  "DeviceSerialNumber": "166048",
  "DwellTime": 1.78e-05,
  "EchoNumber": 2,
  "EchoTime": 0.00738,
  "FlipAngle": 60,
  "HeudiconvVersion": "1.1.0",
  "ImageOrientationPatientDICOM": [1, 0, 0, 0, 0.998027, -0.0627905],
  "ImageOrientationText": "Tra>Cor(-3.6)",
  "ImageType": [
    "ORIGINAL",
    "PRIMARY",
    "M",
    "ND",
    "NORM"
],
  "ImagingFrequency": 123.246,
  "InPlanePhaseEncodingDirectionDICOM": "COL",
  "InstitutionAddress": "North 13th 1701,Philadelphia,PA,US,19122",
  "InstitutionName": "Temple University - Weiss Hall",
  "InstitutionalDepartmentName": "Department",
  "IntendedFor": [
    "func/sub-10017_task-sharedreward_acq-mb1me4_echo-1_part-mag_bold.nii.gz",
    "func/sub-10017_task-sharedreward_acq-mb1me4_echo-1_part-phase_bold.nii.gz",
    "func/sub-10017_task-sharedreward_acq-mb1me4_echo-2_part-mag_bold.nii.gz",
    "func/sub-10017_task-sharedreward_acq-mb1me4_echo-2_part-phase_bold.nii.gz",
    "func/sub-10017_task-sharedreward_acq-mb1me4_echo-3_part-mag_bold.nii.gz",
    "func/sub-10017_task-sharedreward_acq-mb1me4_echo-3_part-phase_bold.nii.gz",
    "func/sub-10017_task-sharedreward_acq-mb1me4_echo-4_part-mag_bold.nii.gz",
    "func/sub-10017_task-sharedreward_acq-mb1me4_echo-4_part-phase_bold.nii.gz",
    "func/sub-10017_task-sharedreward_acq-mb3me4_echo-1_part-mag_bold.nii.gz",
    "func/sub-10017_task-sharedreward_acq-mb3me4_echo-1_part-phase_bold.nii.gz",
    "func/sub-10017_task-sharedreward_acq-mb3me4_echo-2_part-mag_bold.nii.gz",
    "func/sub-10017_task-sharedreward_acq-mb3me4_echo-2_part-phase_bold.nii.gz",
    "func/sub-10017_task-sharedreward_acq-mb3me4_echo-3_part-mag_bold.nii.gz",
    "func/sub-10017_task-sharedreward_acq-mb3me4_echo-3_part-phase_bold.nii.gz",
    "func/sub-10017_task-sharedreward_acq-mb3me4_echo-4_part-mag_bold.nii.gz",
    "func/sub-10017_task-sharedreward_acq-mb3me4_echo-4_part-phase_bold.nii.gz"
],
  "MRAcquisitionType": "2D",
  "MagneticFieldStrength": 3,
  "Manufacturer": "Siemens",
  "ManufacturersModelName": "Prisma",
  "MatrixCoilMode": "SENSE",
  "Modality": "MR",
  "NonlinearGradientCorrection": false,
  "PartialFourier": 1,
  "PatientPosition": "HFS",
  "PercentPhaseFOV": 100,
  "PercentSampling": 100,
  "PhaseEncodingDirection": "j-",
  "PhaseEncodingSteps": 80,
  "PhaseResolution": 1,
  "PixelBandwidth": 350,
  "ProcedureStepDescription": "Smith Lab^RF1pilot",
  "ProtocolName": "fmap_gre_field_mapping_2p8iso",
  "PulseSequenceDetails": "%SiemensSeq%\\gre_field_mapping",
  "ReceiveCoilActiveElements": "HC1-7;NC1,2",
  "ReceiveCoilName": "HeadNeck_64",
  "ReconMatrixPE": 80,
  "RepetitionTime": 0.645,
  "SAR": 0.0871698,
  "ScanningSequence": "GR",
  "SequenceName": "*fm2d2r",
  "SequenceVariant": "SP",
  "SeriesDescription": "fmap_gre_field_mapping_2p8iso",
  "SeriesNumber": 5,
  "ShimSetting": [1407, -7392, 6465, 329, -9, 31, -44, 22],
  "SliceThickness": 2.7,
  "SliceTiming": [0.32031, 0, 0.33594, 0.01562, 0.35156, 0.02344, 0.35938, 0.03906, 0.36719, 0.04688, 0.38281, 0.0625, 0.39844, 0.07031, 0.40625, 0.08594, 0.41406, 0.09375, 0.42969, 0.10938, 0.44531, 0.11719, 0.45312, 0.13281, 0.46875, 0.14062, 0.47656, 0.15625, 0.49219, 0.16406, 0.5, 0.17969, 0.51562, 0.19531, 0.52344, 0.20312, 0.53906, 0.21875, 0.54688, 0.22656, 0.5625, 0.24219, 0.57031, 0.25, 0.58594, 0.26562, 0.60156, 0.27344, 0.60938, 0.28906, 0.61719, 0.29688, 0.63281, 0.3125],
  "SoftwareVersions": "syngo MR E11",
  "SpacingBetweenSlices": 2.97,
  "StationName": "AWP166048",
  "TxRefAmp": 213.25}