{
  "AcquisitionMatrixPE": 80,
  "AcquisitionNumber": 1,
  "AcquisitionTime": "17:21:26.822500",
  "BandwidthPerPixelPhaseEncode": 24.038,
  "BaseResolution": 80,
  "BodyPartExamined": "BRAIN",
  "CoilCombinationMethod": "Sum of Squares",
  "ConsistencyInfo": "N4_VE11E_LATEST_20181129",
  "ConversionSoftware": "dcm2niix",
  "ConversionSoftwareVersion": "v1.0.20220720",
  "DerivedVendorReportedEchoSpacing": 0.00052001,
  "DeviceSerialNumber": "166048",
  "DwellTime": 2.5e-06,
  "EchoTime": 0.03,
  "EchoTrainLength": 80,
  "EffectiveEchoSpacing": 0.00052001,
  "FlipAngle": 20,
  "HeudiconvVersion": "1.1.0",
  "ImageComments": "Unaliased MB6/PE3/LB SENSE1",
  "ImageOrientationPatientDICOM": [1, 0, 0, 0, 1, 0],
  "ImageOrientationText": "Tra",
  "ImageType": [
    "ORIGINAL",
    "PRIMARY",
    "M",
    "MB",
    "ND",
    "NORM",
    "MOSAIC"
],
  "ImagingFrequency": 123.246,
  "InPlanePhaseEncodingDirectionDICOM": "COL",
  "InstitutionAddress": "North 13th 1701,Philadelphia,PA,US,19122",
  "InstitutionName": "Temple University - Weiss Hall",
  "InstitutionalDepartmentName": "Department",
  "MRAcquisitionType": "2D",
  "MagneticFieldStrength": 3,
  "Manufacturer": "Siemens",
  "ManufacturersModelName": "Prisma",
  "MatrixCoilMode": "SENSE",
  "Modality": "MR",
  "MultibandAccelerationFactor": 6,
  "NonlinearGradientCorrection": false,
  "PartialFourier": 1,
  "PatientPosition": "HFS",
  "PercentPhaseFOV": 100,
  "PercentSampling": 100,
  "PhaseEncodingDirection": "j-",
  "PhaseEncodingSteps": 80,
  "PhaseResolution": 1,
  "PixelBandwidth": 2500,
  "ProcedureStepDescription": "Smith Lab^RF1pilot",
  "ProtocolName": "CMRR_MB6_IP0_ME1_TR1700",
  "PulseSequenceDetails": "%CustomerSeq%\\cmrr_mbep2d_bold",
  "ReceiveCoilActiveElements": "HC1-6",
  "ReceiveCoilName": "HeadNeck_64",
  "ReconMatrixPE": 80,
  "RepetitionTime": 0.626,
  "SAR": 0.0188508,
  "ScanOptions": "FS",
  "ScanningSequence": "EP",
  "SequenceName": "epfid2d1_80",
  "SequenceVariant": "SK\\SS",
  "SeriesDescription": "CMRR_MB6_IP0_ME1_TR1700",
  "SeriesNumber": 22,
  "ShimSetting": [1414, -7436, 6496, 283, -51, -44, -56, 68],
  "SliceThickness": 2.7,
  "SliceTiming": [0.5375, 0.4725, 0.405, 0.3375, 0.27, 0.2025, 0.135, 0.0675, 0, 0.5375, 0.4725, 0.405, 0.3375, 0.27, 0.2025, 0.135, 0.0675, 0, 0.5375, 0.4725, 0.405, 0.3375, 0.27, 0.2025, 0.135, 0.0675, 0, 0.5375, 0.4725, 0.405, 0.3375, 0.27, 0.2025, 0.135, 0.0675, 0, 0.5375, 0.4725, 0.405, 0.3375, 0.27, 0.2025, 0.135, 0.0675, 0, 0.5375, 0.4725, 0.405, 0.3375, 0.27, 0.2025, 0.135, 0.0675, 0],
  "SoftwareVersions": "syngo MR E11",
  "SpacingBetweenSlices": 2.97,
  "StationName": "AWP166048",
  "TaskName": "sharedreward",
  "TotalReadoutTime": 0.0410808,
  "TxRefAmp": 217.287,
  "WipMemBlock": "15eff500-d7b3-48c9-87d1-d8e825c4f038||Sequence: R016 ve11e/master r/434b28f1; Aug  7 2019 18:53:46 by eja"
}