{
  "AcquisitionMatrixPE": 80,
  "AcquisitionNumber": 1,
  "AcquisitionTime": "17:10:18.322500",
  "BandwidthPerPixelPhaseEncode": 25.51,
  "BaseResolution": 80,
  "BodyPartExamined": "BRAIN",
  "CoilCombinationMethod": "Sum of Squares",
  "ConsistencyInfo": "N4_VE11E_LATEST_20181129",
  "ConversionSoftware": "dcm2niix",
  "ConversionSoftwareVersion": "v1.0.20220720",
  "DerivedVendorReportedEchoSpacing": 0.000490004,
  "DeviceSerialNumber": "166048",
  "DwellTime": 2.5e-06,
  "EchoTime": 0.03,
  "EchoTrainLength": 80,
  "EffectiveEchoSpacing": 0.000490004,
  "FlipAngle": 20,
  "HeudiconvVersion": "1.1.0",
  "ImageComments": "SENSE1",
  "ImageOrientationPatientDICOM": [1, 0, 0, 0, 0.999507, 0.0314108],
  "ImageOrientationText": "Tra>Cor(1.8)",
  "ImageType": [
    "ORIGINAL",
    "PRIMARY",
    "M",
    "ND",
    "NORM",
    "MOSAIC"
],
  "ImagingFrequency": 123.246,
  "InPlanePhaseEncodingDirectionDICOM": "COL",
  "InstitutionAddress": "North 13th 1701,Philadelphia,PA,US,19122",
  "InstitutionName": "Temple University - Weiss Hall",
  "InstitutionalDepartmentName": "Department",
  "MRAcquisitionType": "2D",
  "MagneticFieldStrength": 3,
  "Manufacturer": "Siemens",
  "ManufacturersModelName": "Prisma",
  "MatrixCoilMode": "SENSE",
  "Modality": "MR",
  "NonlinearGradientCorrection": false,
  "PartialFourier": 1,
  "PatientPosition": "HFS",
  "PercentPhaseFOV": 100,
  "PercentSampling": 100,
  "PhaseEncodingDirection": "j-",
  "PhaseEncodingSteps": 80,
  "PhaseResolution": 1,
  "PixelBandwidth": 2500,
  "ProcedureStepDescription": "Smith Lab^RF1pilot",
  "ProtocolName": "CMRR_MB1_IP0_ME1_TR1700",
  "PulseSequenceDetails": "%CustomerSeq%\\cmrr_mbep2d_bold",
  "ReceiveCoilActiveElements": "HC1-7",
  "ReceiveCoilName": "HeadNeck_64",
  "ReconMatrixPE": 80,
  "RepetitionTime": 3.39,
  "SAR": 0.0226364,
  "ScanOptions": "FS",
  "ScanningSequence": "EP",
  "SequenceName": "epfid2d1_80",
  "SequenceVariant": "SK\\SS",
  "SeriesDescription": "CMRR_MB1_IP0_ME1_TR1700",
  "SeriesNumber": 18,
  "ShimSetting": [1411, -7434, 6505, 433, 1, -153, -108, 82],
  "SliceThickness": 2.7,
  "SliceTiming": [3.3025, 3.2375, 3.17, 3.105, 3.0375, 2.9725, 2.905, 2.84, 2.775, 2.7075, 2.6425, 2.575, 2.51, 2.445, 2.3775, 2.3125, 2.245, 2.18, 2.1125, 2.0475, 1.9825, 1.915, 1.85, 1.7825, 1.7175, 1.65, 1.585, 1.52, 1.4525, 1.3875, 1.32, 1.255, 1.1875, 1.1225, 1.0575, 0.99, 0.925, 0.8575, 0.7925, 0.725, 0.66, 0.595, 0.5275, 0.4625, 0.395, 0.33, 0.2625, 0.1975, 0.1325, 0.065, 0],
  "SoftwareVersions": "syngo MR E11",
  "SpacingBetweenSlices": 2.97,
  "StationName": "AWP166048",
  "TaskName": "sharedreward",
  "TotalReadoutTime": 0.0387103,
  "TxRefAmp": 242.68,
  "WipMemBlock": "5b8b3072-f88d-40d4-8f8b-c3d4744cbf32||Sequence: R016 ve11e/master r/434b28f1; Aug  7 2019 18:53:46 by eja"
}