{
  "AcquisitionMatrixPE": 80,
  "AcquisitionNumber": 1,
  "AcquisitionTime": "16:48:51.855000",
  "BandwidthPerPixelPhaseEncode": 51.02,
  "BaseResolution": 80,
  "BodyPartExamined": "BRAIN",
  "CoilCombinationMethod": "Sum of Squares",
  "ConsistencyInfo": "N4_VE11E_LATEST_20181129",
  "ConversionSoftware": "dcm2niix",
  "ConversionSoftwareVersion": "v1.0.20220720",
  "DerivedVendorReportedEchoSpacing": 0.000490004,
  "DeviceSerialNumber": "166048",
  "DwellTime": 2.5e-06,
  "EchoNumber": 2,
  "EchoTime": 0.03154,
  "EchoTime1": 0.0138,
  "EchoTime2": 0.03154,
  "EchoTrainLength": 34,
  "EffectiveEchoSpacing": 0.000245002,
  "FlipAngle": 20,
  "HeudiconvVersion": "1.1.0",
  "ImageComments": "Single-band reference SENSE1+",
  "ImageOrientationPatientDICOM": [
    1,
    0,
    0,
    0,
    0.999507,
    0.0314108
  ],
  "ImageOrientationText": "Tra>Cor(1.8)",
  "ImageType": [
    "ORIGINAL",
    "PRIMARY",
    "P",
    "TE2",
    "ND",
    "MOSAIC",
    "PHASE"
  ],
  "ImagingFrequency": 123.246,
  "InPlanePhaseEncodingDirectionDICOM": "COL",
  "InstitutionAddress": "North 13th 1701,Philadelphia,PA,US,19122",
  "InstitutionName": "Temple University - Weiss Hall",
  "InstitutionalDepartmentName": "Department",
  "MRAcquisitionType": "2D",
  "MagneticFieldStrength": 3,
  "Manufacturer": "Siemens",
  "ManufacturersModelName": "Prisma",
  "MatrixCoilMode": "GRAPPA",
  "Modality": "MR",
  "NonlinearGradientCorrection": false,
  "ParallelReductionFactorInPlane": 2,
  "PartialFourier": 0.875,
  "PatientPosition": "HFS",
  "PercentPhaseFOV": 100,
  "PercentSampling": 100,
  "PhaseEncodingDirection": "j-",
  "PhaseEncodingSteps": 69,
  "PhaseResolution": 1,
  "PixelBandwidth": 2500,
  "ProcedureStepDescription": "Smith Lab^RF1pilot",
  "ProtocolName": "CMRR_MB3_IP2_ME4_TR1700",
  "PulseSequenceDetails": "%CustomerSeq%\\cmrr_mbep2d_bold",
  "ReceiveCoilActiveElements": "HC1-7",
  "ReceiveCoilName": "HeadNeck_64",
  "ReconMatrixPE": 80,
  "RefLinesPE": 58,
  "RepetitionTime": 1.615,
  "SAR": 0.0165892,
  "ScanOptions": "PFP\\FS",
  "ScanningSequence": "EP",
  "SequenceName": "epfid2d4_80",
  "SequenceVariant": "SK\\SS",
  "SeriesDescription": "CMRR_MB3_IP2_ME4_TR1700_SBRef",
  "SeriesNumber": 9,
  "ShimSetting": [
    1411,
    -7434,
    6505,
    433,
    1,
    -153,
    -108,
    82
  ],
  "SliceThickness": 2.7,
  "SliceTiming": [
    4.69,
    4.595,
    4.5025,
    4.4075,
    4.315,
    4.22,
    4.1275,
    4.0325,
    3.94,
    3.845,
    3.7525,
    3.6575,
    3.565,
    3.47,
    3.3775,
    3.2825,
    3.19,
    3.095,
    3,
    2.9075,
    2.8125,
    2.72,
    2.625,
    2.5325,
    2.4375,
    2.345,
    2.25,
    2.1575,
    2.0625,
    1.97,
    1.875,
    1.7825,
    1.6875,
    1.595,
    1.5,
    1.405,
    1.3125,
    1.2175,
    1.125,
    1.03,
    0.9375,
    0.8425,
    0.75,
    0.655,
    0.5625,
    0.4675,
    0.375,
    0.28,
    0.1875,
    0.0925,
    0
  ],
  "SoftwareVersions": "syngo MR E11",
  "SpacingBetweenSlices": 2.97,
  "StationName": "AWP166048",
  "TaskName": "sharedreward",
  "TotalReadoutTime": 0.0193552,
  "TxRefAmp": 242.68,
  "WipMemBlock": "093c7c82-6aed-453b-b8a3-f6506393770c||Sequence: R016 ve11e/master r/434b28f1; Aug  7 2019 18:53:46 by eja"
}