{
  "AcquisitionMatrixPE": 80,
  "AcquisitionNumber": 1,
  "AcquisitionTime": "11:15:8.105000",
  "BandwidthPerPixelPhaseEncode": 51.02,
  "BaseResolution": 80,
  "BodyPartExamined": "BRAIN",
  "CoilCombinationMethod": "Sum of Squares",
  "ConsistencyInfo": "N4_VE11E_LATEST_20181129",
  "ConversionSoftware": "dcm2niix",
  "ConversionSoftwareVersion": "v1.0.20220720",
  "DerivedVendorReportedEchoSpacing": 0.000490004,
  "DeviceSerialNumber": "166048",
  "DwellTime": 2.5e-06,
  "EchoNumber": 1,
  "EchoTime": 0.0138,
  "EchoTime1": 0.0138,
  "EchoTime2": 0.03154,
  "EchoTrainLength": 34,
  "EffectiveEchoSpacing": 0.000245002,
  "FlipAngle": 20,
  "HeudiconvVersion": "1.1.0",
  "ImageComments": "Unaliased MB3/PE4/LB SENSE1+",
  "ImageOrientationPatientDICOM": [
    1,
    0,
    0,
    0,
    0.998806,
    -0.0488498
  ],
  "ImageOrientationText": "Tra>Cor(-2.8)",
  "ImageType": [
    "ORIGINAL",
    "PRIMARY",
    "P",
    "MB",
    "TE1",
    "ND",
    "MOSAIC",
    "PHASE"
  ],
  "ImagingFrequency": 123.246,
  "InPlanePhaseEncodingDirectionDICOM": "COL",
  "InstitutionAddress": "North 13th 1701,Philadelphia,PA,US,19122",
  "InstitutionName": "Temple University - Weiss Hall",
  "InstitutionalDepartmentName": "Department",
  "MRAcquisitionType": "2D",
  "MagneticFieldStrength": 3,
  "Manufacturer": "Siemens",
  "ManufacturersModelName": "Prisma",
  "MatrixCoilMode": "GRAPPA",
  "Modality": "MR",
  "MultibandAccelerationFactor": 3,
  "NonlinearGradientCorrection": false,
  "ParallelReductionFactorInPlane": 2,
  "PartialFourier": 0.875,
  "PatientPosition": "HFS",
  "PercentPhaseFOV": 100,
  "PercentSampling": 100,
  "PhaseEncodingDirection": "j-",
  "PhaseEncodingSteps": 69,
  "PhaseResolution": 1,
  "PixelBandwidth": 2500,
  "ProcedureStepDescription": "Smith Lab^RF1pilot",
  "ProtocolName": "CMRR_MB3_IP2_ME4_TR1700",
  "PulseSequenceDetails": "%CustomerSeq%\\cmrr_mbep2d_bold",
  "ReceiveCoilActiveElements": "HC1-7;NC1",
  "ReceiveCoilName": "HeadNeck_64",
  "ReconMatrixPE": 80,
  "RefLinesPE": 58,
  "RepetitionTime": 1.615,
  "SAR": 0.0120403,
  "ScanOptions": "PFP\\FS",
  "ScanningSequence": "EP",
  "SequenceName": "epfid2d4_80",
  "SequenceVariant": "SK\\SS",
  "SeriesDescription": "CMRR_MB3_IP2_ME4_TR1700",
  "SeriesNumber": 9,
  "ShimSetting": [
    1396,
    -7357,
    6465,
    584,
    -157,
    134,
    -335,
    197
  ],
  "SliceThickness": 2.7,
  "SliceTiming": [
    1.5025,
    1.4075,
    1.315,
    1.22,
    1.1275,
    1.0325,
    0.94,
    0.845,
    0.7525,
    0.6575,
    0.565,
    0.47,
    0.375,
    0.2825,
    0.1875,
    0.095,
    0,
    1.5025,
    1.4075,
    1.315,
    1.22,
    1.1275,
    1.0325,
    0.94,
    0.845,
    0.7525,
    0.6575,
    0.565,
    0.47,
    0.375,
    0.2825,
    0.1875,
    0.095,
    0,
    1.5025,
    1.4075,
    1.315,
    1.22,
    1.1275,
    1.0325,
    0.94,
    0.845,
    0.7525,
    0.6575,
    0.565,
    0.47,
    0.375,
    0.2825,
    0.1875,
    0.095,
    0
  ],
  "SoftwareVersions": "syngo MR E11",
  "SpacingBetweenSlices": 2.97,
  "StationName": "AWP166048",
  "TaskName": "sharedreward",
  "TotalReadoutTime": 0.0193552,
  "TxRefAmp": 211.436,
  "WipMemBlock": "401ce3b2-4271-48e0-aff5-24466fcdd52e||Sequence: R016 ve11e/master r/434b28f1; Aug  7 2019 18:53:46 by eja"
}